GEM
  remote: https://rubygems.org/
  specs:
    faraday (0.9.2)
      multipart-post (>= 1.2, < 3)
    faraday_middleware (0.10.0)
      faraday (>= 0.7.4, < 0.10)
    foursquare2 (2.0.2)
      faraday (~> 0.8)
      faraday_middleware (>= 0.8)
      hashie (>= 1.0, < 4.0.0)
    hashie (3.4.3)
    json (1.8.3)
    multipart-post (2.0.0)
    rack (1.6.4)
    rack-protection (1.5.3)
      rack
    rake (10.4.2)
    sinatra (1.4.6)
      rack (~> 1.4)
      rack-protection (~> 1.4)
      tilt (>= 1.3, < 3)
    sinatra-cross_origin (0.3.2)
    tilt (2.0.1)

PLATFORMS
  ruby

DEPENDENCIES
  foursquare2
  json
  rake (~> 10.4)
  sinatra
  sinatra-cross_origin
